ObjectType = Image
NDims = 3
BinaryData = True
BinaryDataByteOrderMSB = False
CompressedData = False
TransformMatrix = 1 0 0 0 1 0 0 0 1
Offset = 0 0 0
CenterOfRotation = 0 0 0
AnatomicalOrientation = RAI
ElementSpacing = 0.88500000000000001 0.88500000000000001 1
DimSize = 9 9 9
ElementType = MET_DOUBLE
ElementDataFile = 1679.raw
